GEM
  remote: https://www.rubygems.org/
  specs:
    activesupport (6.0.3.3)
      concurrent-ruby (~> 1.0, >= 1.0.2)
      i18n (>= 0.7, < 2)
      minitest (~> 5.1)
      tzinfo (~> 1.1)
      zeitwerk (~> 2.2, >= 2.2.2)
    clbustos-rtf (0.4.2)
    concurrent-ruby (1.1.7)
    dirty-memoize (0.0.4)
    distribution (0.7.0)
    extendmatrix (0.3.1)
    hoe (3.12.0)
      rake (>= 0.8, < 11.0)
    i18n (1.8.5)
      concurrent-ruby (~> 1.0)
    json (1.8.6)
    metaclass (0.0.4)
    minimization (0.2.1)
      text-table (~> 1.2)
    minitest (5.3.5)
    mocha (0.14.0)
      metaclass (~> 0.0.1)
    narray (0.6.0.9)
    prawn (0.8.4)
      prawn-core (>= 0.8.4, < 0.9)
      prawn-layout (>= 0.8.4, < 0.9)
      prawn-security (>= 0.8.4, < 0.9)
    prawn-core (0.8.4)
    prawn-layout (0.8.4)
    prawn-security (0.8.4)
    prawn-svg (0.9.1.11)
      prawn (>= 0.8.4)
    rake (10.3.2)
    rb-gsl (1.16.0.1)
      narray (>= 0.5.9)
    rdoc (4.1.1)
      json (~> 1.4)
    reportbuilder (1.4.2)
      clbustos-rtf (~> 0.4.0)
      prawn (~> 0.8.4)
      prawn-svg (~> 0.9.1)
      text-table (~> 1.2)
    rserve-client (0.3.1)
    ruby-ole (1.2.11.7)
    rubyvis (0.6.0)
    shoulda (3.5.0)
      shoulda-context (~> 1.0, >= 1.0.1)
      shoulda-matchers (>= 1.4.1, < 3.0)
    shoulda-context (1.2.1)
    shoulda-matchers (2.2.0)
      activesupport (>= 3.0.0)
    spreadsheet (0.9.7)
      ruby-ole (>= 1.0)
    text-table (1.2.3)
    thread_safe (0.3.6)
    tzinfo (1.2.7)
      thread_safe (~> 0.1)
    zeitwerk (2.4.0)

PLATFORMS
  ruby

DEPENDENCIES
  dirty-memoize
  distribution
  extendmatrix
  hoe
  minimization
  minitest
  mocha (= 0.14.0)
  rb-gsl
  rdoc
  reportbuilder
  rserve-client
  rubyvis
  shoulda (= 3.5.0)
  shoulda-matchers (= 2.2.0)
  spreadsheet
